GEM
  remote: https://rubygems.org/
  specs:
    addressable (2.5.0)
      public_suffix (~> 2.0, >= 2.0.2)
    charlock_holmes (0.7.3)
    colorator (1.1.0)
    escape_utils (1.1.1)
    ffi (1.9.14)
    forwardable-extended (2.6.0)
    github-linguist (5.0.2)
      charlock_holmes (~> 0.7.3)
      escape_utils (~> 1.1.0)
      mime-types (>= 1.19)
      rugged (= 0.25.0b10)
    jekyll (3.3.1)
      addressable (~> 2.4)
      colorator (~> 1.0)
      jekyll-sass-converter (~> 1.0)
      jekyll-watch (~> 1.1)
      kramdown (~> 1.3)
      liquid (~> 3.0)
      mercenary (~> 0.3.3)
      pathutil (~> 0.9)
      rouge (~> 1.7)
      safe_yaml (~> 1.0)
    jekyll-sass-converter (1.5.0)
      sass (~> 3.4)
    jekyll-watch (1.5.0)
      listen (~> 3.0, < 3.1)
    kramdown (1.13.2)
    liquid (3.0.6)
    listen (3.0.8)
      rb-fsevent (~> 0.9, >= 0.9.4)
      rb-inotify (~> 0.9, >= 0.9.7)
    mercenary (0.3.6)
    mime-types (3.1)
      mime-types-data (~> 3.2015)
    mime-types-data (3.2016.0521)
    pathutil (0.14.0)
      forwardable-extended (~> 2.6)
    public_suffix (2.0.5)
    rb-fsevent (0.9.8)
    rb-inotify (0.9.7)
      ffi (>= 0.5.0)
    rouge (1.11.1)
    rugged (0.25.0b10)
    safe_yaml (1.0.4)
    sass (3.4.23)

PLATFORMS
  ruby

DEPENDENCIES
  github-linguist
  jekyll

BUNDLED WITH
   1.13.7
